GEM
  remote: https://rubygems.org/
  specs:
    json (2.1.0)
    mini_portile2 (2.3.0)
    minitest (5.11.3)
    mustermann (1.0.3)
    nokogiri (1.8.5)
      mini_portile2 (~> 2.3.0)
    rack (2.0.6)
    rack-protection (2.0.4)
      rack
    rack-test (1.1.0)
      rack (>= 1.0, < 3)
    sinatra (2.0.4)
      mustermann (~> 1.0)
      rack (~> 2.0)
      rack-protection (= 2.0.4)
      tilt (~> 2.0)
    tilt (2.0.8)

PLATFORMS
  ruby

DEPENDENCIES
  json!
  minitest (~> 5.8, >= 5.8.4)!
  nokogiri (~> 1.6, >= 1.6.8)!
  rack-test (~> 1.1)!
  sinatra!

BUNDLED WITH
   1.17.1
